PATH
  remote: ../dotted_rulers
  specs:
    dotted_rulers (0.0.2)

GEM
  remote: https://rubygems.org/
  specs:
    rack (1.5.2)

PLATFORMS
  ruby

DEPENDENCIES
  dotted_rulers!
  rack
