PATH
  remote: ../dotted_rulers
  specs:
    dotted_rulers (0.0.2)
      erubis
      rack

GEM
  remote: https://rubygems.org/
  specs:
    erubis (2.7.0)
    rack (1.5.2)

PLATFORMS
  ruby

DEPENDENCIES
  dotted_rulers!
