PATH
  remote: ../dotted_rulers
  specs:
    dotted_rulers (0.0.2)
      erubis
      multi_json
      rack
      sqlite3

GEM
  remote: https://rubygems.org/
  specs:
    erubis (2.7.0)
    multi_json (1.9.0)
    rack (1.5.2)
    sqlite3 (1.3.9)

PLATFORMS
  ruby

DEPENDENCIES
  dotted_rulers!
